PATH
  remote: .
  specs:
    ansible-role (1.0.0)
      thor

GEM
  remote: https://rubygems.org/
  specs:
    rake (10.4.2)
    thor (0.19.1)

PLATFORMS
  ruby

DEPENDENCIES
  ansible-role!
  bundler
  rake
